GEM
  remote: https://rubygems.org/
  specs:
    rake (12.3.0)
    serialport (1.3.1)
    thread_safe (0.3.6)
    tzinfo (1.2.5)
      thread_safe (~> 0.1)

PLATFORMS
  ruby

DEPENDENCIES
  rake
  serialport
  tzinfo

BUNDLED WITH
   1.16.1
